GEM
  remote: http://rubygems.org/
  specs:
    actionmailer (2.3.8)
      actionpack (= 2.3.8)
    actionpack (2.3.8)
      activesupport (= 2.3.8)
      rack (~> 1.1.0)
    activerecord (2.3.8)
      activesupport (= 2.3.8)
    activeresource (2.3.8)
      activesupport (= 2.3.8)
    activesupport (2.3.8)
    authlogic (2.1.6)
      activesupport
    bcrypt-ruby (3.0.1)
    mysql (2.9.1)
    nifty-generators (0.4.6)
    rack (1.1.6)
    rails (2.3.8)
      actionmailer (= 2.3.8)
      actionpack (= 2.3.8)
      activerecord (= 2.3.8)
      activeresource (= 2.3.8)
      activesupport (= 2.3.8)
      rake (>= 0.8.3)
    rake (0.8.7)
    will_paginate (2.3.16)

PLATFORMS
  ruby

DEPENDENCIES
  authlogic (= 2.1.6)
  bcrypt-ruby (~> 3.0.0)
  mysql
  nifty-generators
  rails (= 2.3.8)
  will_paginate (~> 2.3.16)
