GEM
  remote: http://rubygems.org/
  specs:
    actionmailer (2.3.14)
      actionpack (= 2.3.14)
    actionpack (2.3.14)
      activesupport (= 2.3.14)
      rack (~> 1.1.0)
    activerecord (2.3.14)
      activesupport (= 2.3.14)
    activeresource (2.3.14)
      activesupport (= 2.3.14)
    activesupport (2.3.14)
    authlogic (2.1.6)
      activesupport
    bcrypt-ruby (3.0.1)
    brakeman (3.0.2)
      erubis (~> 2.6)
      fastercsv (~> 1.5)
      haml (>= 3.0, < 5.0)
      highline (~> 1.6.20)
      multi_json (~> 1.2)
      ruby2ruby (~> 2.1.1)
      ruby_parser (~> 3.6.2)
      sass (~> 3.0)
      terminal-table (~> 1.4)
    cgi_multipart_eof_fix (2.5.0)
    daemons (1.2.2)
    diff-lcs (1.2.5)
    erubis (2.7.0)
    faker (1.0.1)
      i18n (~> 0.4)
    fastercsv (1.5.5)
    fastthread (1.0.7)
    gem_plugin (0.2.3)
    haml (4.0.6)
      tilt
    highline (1.6.21)
    hirb (0.7.3)
    i18n (0.4.0)
    mongrel (1.1.5)
      cgi_multipart_eof_fix (>= 2.4)
      daemons (>= 1.0.3)
      fastthread (>= 1.0.1)
      gem_plugin (>= 0.2.3)
    multi_json (1.11.0)
    mysql (2.9.1)
    nifty-generators (0.4.6)
    rack (1.1.6)
    rails (2.3.14)
      actionmailer (= 2.3.14)
      actionpack (= 2.3.14)
      activerecord (= 2.3.14)
      activeresource (= 2.3.14)
      activesupport (= 2.3.14)
      rake (>= 0.8.3)
    rails-footnotes (3.6.7)
    rails_xss (0.5.1)
      erubis (>= 2.6.5)
    rake (0.8.7)
    rspec (3.2.0)
      rspec-core (~> 3.2.0)
      rspec-expectations (~> 3.2.0)
      rspec-mocks (~> 3.2.0)
    rspec-core (3.2.2)
      rspec-support (~> 3.2.0)
    rspec-expectations (3.2.0)
      diff-lcs (>= 1.2.0, < 2.0)
      rspec-support (~> 3.2.0)
    rspec-mocks (3.2.1)
      diff-lcs (>= 1.2.0, < 2.0)
      rspec-support (~> 3.2.0)
    rspec-support (3.2.2)
    ruby2ruby (2.1.3)
      ruby_parser (~> 3.1)
      sexp_processor (~> 4.0)
    ruby_parser (3.6.5)
      sexp_processor (~> 4.1)
    sass (3.4.13)
    sexp_processor (4.5.0)
    terminal-table (1.4.5)
    tilt (2.0.1)
    will_paginate (2.3.16)

PLATFORMS
  ruby

DEPENDENCIES
  authlogic (= 2.1.6)
  bcrypt-ruby (~> 3.0.0)
  brakeman
  faker
  hirb
  i18n (= 0.4.0)
  mongrel
  mysql
  nifty-generators
  rails (= 2.3.14)
  rails-footnotes
  rails_xss
  rake (~> 0.8.7)
  rspec
  will_paginate (~> 2.3.16)
